GEM
  remote: https://rubygems.org/
  specs:
    awesome_print (1.2.0)
    byebug (3.1.2)
      columnize (~> 0.8)
      debugger-linecache (~> 1.2)
    columnize (0.8.9)
    debugger-linecache (1.2.0)
    execjs (2.2.1)
    ffi (1.9.3)
    ffi-geos (1.0.0)
      ffi (>= 1.0.0)
    ffi-proj4 (0.1.0)
      ffi (>= 1.0.0)
    geocoder (1.2.3)
    mini_portile (0.6.0)
    nokogiri (1.6.2.1)
      mini_portile (= 0.6.0)
    polylines (0.1.1)
    progressbar (0.21.0)
    sangaku (0.5.4)

PLATFORMS
  ruby

DEPENDENCIES
  awesome_print (~> 1.2.0)
  byebug (~> 3.1.2)
  execjs (~> 2.2.1)
  ffi-geos (~> 1.0.0)
  ffi-proj4 (~> 0.1.0)
  geocoder (~> 1.2.3)
  nokogiri (~> 1.6.2.1)
  polylines (~> 0.1.1)
  progressbar (~> 0.21.0)
  sangaku (~> 0.5.4)
