GEM
  remote: https://rubygems.org/
  specs:
    byebug (3.1.2)
      columnize (~> 0.8)
      debugger-linecache (~> 1.2)
    columnize (0.8.9)
    debugger-linecache (1.2.0)
    sangaku (0.5.4)

PLATFORMS
  ruby

DEPENDENCIES
  byebug (~> 3.1.2)
  sangaku (~> 0.5.4)
